GIT
  remote: git://github.com/matsimitsu/tvdb_party.git
  revision: 1ba64271f3280f709d4a3cc08f8f087cd42fb179
  specs:
    tvdb_party (0.6.0)
      httparty (>= 0.6.1)

GEM
  remote: http://rubygems.org/
  specs:
    activemodel (3.0.5)
      activesupport (= 3.0.5)
      builder (~> 2.1.2)
      i18n (~> 0.4)
    activesupport (3.0.5)
    adapter (0.5.2)
    adapter-mongo (0.5.1)
      adapter (~> 0.5.1)
      mongo (~> 1.2.0)
    bson (1.2.4)
    bson_ext (1.2.4)
    builder (2.1.2)
    carrierwave (0.5.1)
      activesupport (~> 3.0)
    crack (0.1.8)
    curb (0.7.8)
    diff-lcs (1.1.2)
    fakeweb (1.3.0)
    fuubar (0.0.3)
      rspec (~> 2.0)
      rspec-instafail (~> 0.1.4)
      ruby-progressbar (~> 0.0.9)
    httparty (0.7.4)
      crack (= 0.1.8)
    httpi (0.7.9)
      rack
    i18n (0.5.0)
    mini_magick (3.2)
      subexec (~> 0.0.4)
    mongo (1.2.4)
      bson (>= 1.2.4)
    rack (1.2.1)
    rack-test (0.5.7)
      rack (>= 1.0)
    rspec (2.1.0)
      rspec-core (~> 2.1.0)
      rspec-expectations (~> 2.1.0)
      rspec-mocks (~> 2.1.0)
    rspec-core (2.1.0)
    rspec-expectations (2.1.0)
      diff-lcs (~> 1.1.2)
    rspec-instafail (0.1.6)
    rspec-mocks (2.1.0)
    ruby-progressbar (0.0.9)
    simple_uuid (0.1.2)
    sinatra (1.1.3)
      rack (~> 1.1)
      tilt (>= 1.2.2, < 2.0)
    steak (1.1.0)
      rspec (>= 1.3)
    subexec (0.0.4)
    tilt (1.2.2)
    toystore (0.6.4)
      activemodel (~> 3.0.3)
      activesupport (~> 3.0.3)
      adapter (~> 0.5.1)
      simple_uuid (~> 0.1.1)
    yajl-ruby (0.8.1)

PLATFORMS
  ruby

DEPENDENCIES
  adapter-mongo
  bson_ext (= 1.2.4)
  carrierwave
  curb
  fakeweb
  fuubar
  httpi
  mini_magick
  rack-test
  rspec (= 2.1)
  sinatra
  steak (~> 1.0)
  toystore
  tvdb_party!
  yajl-ruby
