GEM
  remote: http://rubygems.org/
  specs:
    activemodel (3.0.5)
      activesupport (= 3.0.5)
      builder (~> 2.1.2)
      i18n (~> 0.4)
    activesupport (3.0.5)
    adapter (0.5.2)
    adapter-mongo (0.5.1)
      adapter (~> 0.5.1)
      mongo (~> 1.2.0)
    api_cache (0.2.3)
    broach (0.2.1)
      json (~> 1.4)
      nap (~> 0.3)
    bson (1.2.4)
    bson_ext (1.2.4)
    builder (2.1.2)
    capfire (0.3.2)
      broach (>= 0.2.1)
    capistrano (2.5.20)
      highline
      highline
      net-scp (>= 1.0.0)
      net-scp
      net-sftp
      net-sftp (>= 2.0.0)
      net-ssh (>= 2.0.14)
      net-ssh
      net-ssh-gateway
      net-ssh-gateway (>= 1.0.0)
    carrierwave (0.5.3)
      activesupport (~> 3.0)
    chalofa_ruby-progressbar (0.0.9.1)
    diff-lcs (1.1.2)
    fakeweb (1.3.0)
    fuubar (0.0.4)
      chalofa_ruby-progressbar (~> 0.0.9)
      rspec (~> 2.0)
      rspec-instafail (~> 0.1.4)
    highline (1.6.1)
    i18n (0.5.0)
    json (1.5.1)
    mime-types (1.16)
    mini_magick (3.2)
      subexec (~> 0.0.4)
    mongo (1.2.4)
      bson (>= 1.2.4)
    nap (0.4)
    net-scp (1.0.4)
      net-ssh (>= 1.99.1)
    net-sftp (2.0.5)
      net-ssh (>= 2.0.9)
    net-ssh (2.1.3)
    net-ssh-gateway (1.0.1)
      net-ssh (>= 1.99.1)
    rack (1.2.2)
    rack-test (0.5.7)
      rack (>= 1.0)
    rspec (2.1.0)
      rspec-core (~> 2.1.0)
      rspec-expectations (~> 2.1.0)
      rspec-mocks (~> 2.1.0)
    rspec-core (2.1.0)
    rspec-expectations (2.1.0)
      diff-lcs (~> 1.1.2)
    rspec-instafail (0.1.7)
    rspec-mocks (2.1.0)
    simple_uuid (0.1.2)
    sinatra (1.2.1)
      rack (~> 1.1)
      tilt (>= 1.2.2, < 2.0)
    steak (1.1.0)
      rspec (>= 1.3)
    subexec (0.0.4)
    tilt (1.2.2)
    toystore (0.6.4)
      activemodel (~> 3.0.3)
      activesupport (~> 3.0.3)
      adapter (~> 0.5.1)
      simple_uuid (~> 0.1.1)
    typhoeus (0.2.4)
      mime-types
      mime-types
    yajl-ruby (0.8.2)

PLATFORMS
  ruby

DEPENDENCIES
  adapter-mongo
  api_cache
  bson_ext (= 1.2.4)
  capfire
  capistrano
  carrierwave
  fakeweb
  fuubar
  mini_magick
  rack-test
  rspec (= 2.1)
  sinatra
  steak (~> 1.0)
  toystore
  typhoeus
  yajl-ruby
